GEM
  remote: https://rubygems.org/
  specs:
    classifier-reborn (2.1.0)
      fast-stemmer (~> 1.0)
    fast-stemmer (1.0.2)
    multi_json (1.12.1)
    mustermann (1.0.0)
    rack (2.0.1)
    rack-protection (2.0.0.rc2)
      rack
    shotgun (0.9.2)
      rack (>= 1.0)
    sinatra (2.0.0.rc2)
      mustermann (= 1.0.0)
      rack (~> 2.0)
      rack-protection (= 2.0.0.rc2)
      tilt (~> 2.0)
    tilt (2.0.7)

PLATFORMS
  ruby

DEPENDENCIES
  classifier-reborn
  multi_json
  shotgun
  sinatra (>= 2.0.0.rc2)

RUBY VERSION
   ruby 2.4.0p0

BUNDLED WITH
   1.14.6
